GEM
  remote: http://rubygems.org/
  specs:
    activesupport (2.3.10)
    highline (1.6.12)
    json (1.7.3)
    mime-types (1.18)
    net-ssh (2.1.4)
    nokogiri (1.5.2)
    rest-client (1.6.7)
      mime-types (>= 1.16)
    rest_connection (0.1.10)
      activesupport (= 2.3.10)
      highline
      json
      net-ssh (= 2.1.4)
      nokogiri
      rest-client
    trollop (1.16.2)

PLATFORMS
  ruby

DEPENDENCIES
  rest_connection
  trollop
